PATH
  remote: .
  specs:
    skeleton-ui (0.0.3)

GEM
  remote: https://rubygems.org/
  specs:
    colorize (0.8.1)
    fileutils (1.0.2)
    mini_portile2 (2.3.0)
    nokogiri (1.8.2)
      mini_portile2 (~> 2.3.0)
    rake (12.3.0)

PLATFORMS
  ruby

DEPENDENCIES
  bundler (~> 1.16)
  colorize (~> 0.8.1)
  fileutils (~> 1.0.2)
  nokogiri (~> 1.8.2)
  rake (~> 12.3.0)
  skeleton-ui!

BUNDLED WITH
   1.16.1
